PATH
  remote: .
  specs:
    mb-geometry (0.0.0.usegit)
      rubyvor (= 0.1.4)

GEM
  remote: https://rubygems.org/
  specs:
    GeoRuby (1.3.4)
    coderay (1.1.3)
    libxml-ruby (3.2.1)
    method_source (1.0.0)
    pry (0.14.1)
      coderay (~> 1.1)
      method_source (~> 1.0)
    rake (12.3.3)
    rubyvor (0.1.4)
      GeoRuby (>= 1.3.0)
      libxml-ruby (>= 0.9.9)

PLATFORMS
  ruby

DEPENDENCIES
  mb-geometry!
  pry
  rake (~> 12.0)

BUNDLED WITH
   2.1.4
