GIT
  remote: https://github.com/mike-bourgeous/mb-math
  revision: b9d1c40856153f98960d09a01e3ba05b4998ed1a
  branch: copy-from-other-repos
  specs:
    mb-math (0.0.1.usegit)
      cmath (~> 1.0.0)
      numo-narray (~> 0.9.1)

GEM
  remote: https://rubygems.org/
  specs:
    byebug (11.1.3)
    cmath (1.0.0)
    coderay (1.1.3)
    diff-lcs (1.4.4)
    method_source (1.0.0)
    numo-narray (0.9.1.9)
    pry (0.14.0)
      coderay (~> 1.1)
      method_source (~> 1.0)
    pry-byebug (3.8.0)
      byebug (~> 11.0)
      pry (~> 0.10)
    rspec (3.10.0)
      rspec-core (~> 3.10.0)
      rspec-expectations (~> 3.10.0)
      rspec-mocks (~> 3.10.0)
    rspec-core (3.10.1)
      rspec-support (~> 3.10.0)
    rspec-expectations (3.10.1)
      diff-lcs (>= 1.2.0, < 2.0)
      rspec-support (~> 3.10.0)
    rspec-mocks (3.10.2)
      diff-lcs (>= 1.2.0, < 2.0)
      rspec-support (~> 3.10.0)
    rspec-support (3.10.2)
    ruby-prof (1.4.3)

PLATFORMS
  ruby

DEPENDENCIES
  mb-math!
  pry
  pry-byebug
  rspec
  ruby-prof

BUNDLED WITH
   2.1.4
