GIT
  remote: https://github.com/mike-bourgeous/mb-math.git
  revision: f461cbf8ae563675abaf4a2fe0dfe8d97e37d8e3
  specs:
    mb-math (0.0.3.usegit)
      cmath (~> 1.0.0)
      mb-util (>= 0.1.0.usegit)
      numo-narray (~> 0.9.1)

GIT
  remote: https://github.com/mike-bourgeous/mb-util.git
  revision: d5da72e5b830cefb31f9b565eb3342bb59da7ac5
  specs:
    mb-util (0.1.0.usegit)

PATH
  remote: .
  specs:
    mb-geometry (0.0.2.usegit)
      georuby
      mb-math (>= 0.0.3.usegit)
      mb-util (>= 0.1.0.usegit)
      rubyvor (= 0.1.4)

GEM
  remote: https://rubygems.org/
  specs:
    GeoRuby (1.3.4)
    byebug (11.1.3)
    cmath (1.0.0)
    coderay (1.1.3)
    diff-lcs (1.4.4)
    docile (1.4.0)
    georuby (2.5.2)
    libxml-ruby (3.2.1)
    method_source (1.0.0)
    numo-narray (0.9.1.9)
    pry (0.14.1)
      coderay (~> 1.1)
      method_source (~> 1.0)
    pry-byebug (3.8.0)
      byebug (~> 11.0)
      pry (~> 0.10)
    rake (13.0.3)
    rmagick (4.2.2)
    rspec (3.10.0)
      rspec-core (~> 3.10.0)
      rspec-expectations (~> 3.10.0)
      rspec-mocks (~> 3.10.0)
    rspec-core (3.10.1)
      rspec-support (~> 3.10.0)
    rspec-expectations (3.10.1)
      diff-lcs (>= 1.2.0, < 2.0)
      rspec-support (~> 3.10.0)
    rspec-mocks (3.10.2)
      diff-lcs (>= 1.2.0, < 2.0)
      rspec-support (~> 3.10.0)
    rspec-support (3.10.2)
    rubyvor (0.1.4)
      GeoRuby (>= 1.3.0)
      libxml-ruby (>= 0.9.9)
    simplecov (0.21.2)
      docile (~> 1.1)
      simplecov-html (~> 0.11)
      simplecov_json_formatter (~> 0.1)
    simplecov-html (0.12.3)
    simplecov_json_formatter (0.1.3)

PLATFORMS
  ruby

DEPENDENCIES
  mb-geometry!
  mb-math!
  mb-util!
  pry
  pry-byebug
  rake (~> 13.0)
  rmagick
  rspec (~> 3.10.0)
  simplecov (~> 0.21.2)

BUNDLED WITH
   2.1.4
