GIT
  remote: https://github.com/mike-bourgeous/mb-math.git
  revision: dc3422bf81fe2ac93ca528da05020c0f34c00b50
  specs:
    mb-math (0.2.2.usegit)
      bigdecimal (~> 3.1.8)
      cmath (~> 1.0.0)
      matrix (~> 0.4.2)
      mb-util (>= 0.1.21.usegit)
      numo-narray (~> 0.9.2.1)
      numo-pocketfft (~> 0.4.1)
      prime (~> 0.1.3)

GIT
  remote: https://github.com/mike-bourgeous/mb-util.git
  revision: 2a27dcf4f71e08ab9c2fedfefdacef6a8be2b11f
  specs:
    mb-util (0.1.22.usegit)

PATH
  remote: .
  specs:
    mb-geometry (0.0.2.usegit)
      csv (~> 3.3, >= 3.3.3)
      georuby
      mb-math (>= 0.2.2.usegit)
      mb-util (>= 0.1.20.usegit)
      numo-narray (~> 0.9.2.1)
      rubyvor (= 0.1.4)

GEM
  remote: https://rubygems.org/
  specs:
    GeoRuby (1.3.4)
    bigdecimal (3.1.9)
    byebug (11.1.3)
    cmath (1.0.0)
    coderay (1.1.3)
    csv (3.3.3)
    diff-lcs (1.6.1)
    docile (1.4.1)
    forwardable (1.3.3)
    georuby (2.5.2)
    libxml-ruby (5.0.3)
    matrix (0.4.2)
    method_source (1.1.0)
    numo-narray (0.9.2.1)
    numo-pocketfft (0.4.1)
      numo-narray (>= 0.9.1)
    observer (0.1.2)
    pkg-config (1.6.0)
    prime (0.1.3)
      forwardable
      singleton
    pry (0.14.2)
      coderay (~> 1.1)
      method_source (~> 1.0)
    pry-byebug (3.10.1)
      byebug (~> 11.0)
      pry (>= 0.13, < 0.15)
    rake (13.2.1)
    rmagick (6.1.1)
      observer (~> 0.1)
      pkg-config (~> 1.4)
    rspec (3.10.0)
      rspec-core (~> 3.10.0)
      rspec-expectations (~> 3.10.0)
      rspec-mocks (~> 3.10.0)
    rspec-core (3.10.2)
      rspec-support (~> 3.10.0)
    rspec-expectations (3.10.2)
      diff-lcs (>= 1.2.0, < 2.0)
      rspec-support (~> 3.10.0)
    rspec-mocks (3.10.3)
      diff-lcs (>= 1.2.0, < 2.0)
      rspec-support (~> 3.10.0)
    rspec-support (3.10.3)
    rubyvor (0.1.4)
      GeoRuby (>= 1.3.0)
      libxml-ruby (>= 0.9.9)
    simplecov (0.21.2)
      docile (~> 1.1)
      simplecov-html (~> 0.11)
      simplecov_json_formatter (~> 0.1)
    simplecov-html (0.13.1)
    simplecov_json_formatter (0.1.4)
    singleton (0.3.0)

PLATFORMS
  ruby

DEPENDENCIES
  mb-geometry!
  mb-math!
  mb-util!
  pry
  pry-byebug
  rake (~> 13.0)
  rmagick
  rspec (~> 3.10.0)
  simplecov (~> 0.21.2)

BUNDLED WITH
   2.4.22
