GIT
  remote: https://github.com/mike-bourgeous/mb-math.git
  revision: 6f7a86c376b74eef394853d1430e5934995e34dd
  specs:
    mb-math (0.0.0.usegit)

PATH
  remote: .
  specs:
    mb-geometry (0.0.1.usegit)
      mb-math
      rubyvor (= 0.1.4)

GEM
  remote: https://rubygems.org/
  specs:
    GeoRuby (1.3.4)
    coderay (1.1.3)
    diff-lcs (1.4.4)
    libxml-ruby (3.2.1)
    method_source (1.0.0)
    pry (0.14.1)
      coderay (~> 1.1)
      method_source (~> 1.0)
    rake (13.0.3)
    rspec (3.10.0)
      rspec-core (~> 3.10.0)
      rspec-expectations (~> 3.10.0)
      rspec-mocks (~> 3.10.0)
    rspec-core (3.10.1)
      rspec-support (~> 3.10.0)
    rspec-expectations (3.10.1)
      diff-lcs (>= 1.2.0, < 2.0)
      rspec-support (~> 3.10.0)
    rspec-mocks (3.10.2)
      diff-lcs (>= 1.2.0, < 2.0)
      rspec-support (~> 3.10.0)
    rspec-support (3.10.2)
    rubyvor (0.1.4)
      GeoRuby (>= 1.3.0)
      libxml-ruby (>= 0.9.9)

PLATFORMS
  ruby

DEPENDENCIES
  mb-geometry!
  mb-math!
  pry
  rake (~> 13.0)
  rspec (~> 3.10.0)

BUNDLED WITH
   2.1.4
