GIT
  remote: https://github.com/mike-bourgeous/mb-sound
  revision: a2d50e31696bc5a021d113b38f8b33a65fc0b0ff
  specs:
    mb-sound (0.1.1.usegit)
      cmath (~> 1.0.0)
      midi-nibbler (~> 0.2.4)
      numo-narray (~> 0.9.1.8)
      numo-pocketfft (~> 0.2.2)

GEM
  remote: https://rubygems.org/
  specs:
    byebug (11.1.3)
    cmath (1.0.0)
    coderay (1.1.3)
    diff-lcs (1.4.4)
    method_source (1.0.0)
    midi-message (0.4.9)
    midi-nibbler (0.2.4)
      midi-message (~> 0.4, >= 0.4.4)
    numo-narray (0.9.1.9)
    numo-pocketfft (0.2.2)
      numo-narray (~> 0.9.1)
    pry (0.14.0)
      coderay (~> 1.1)
      method_source (~> 1.0)
    pry-byebug (3.8.0)
      byebug (~> 11.0)
      pry (~> 0.10)
    rspec (3.10.0)
      rspec-core (~> 3.10.0)
      rspec-expectations (~> 3.10.0)
      rspec-mocks (~> 3.10.0)
    rspec-core (3.10.1)
      rspec-support (~> 3.10.0)
    rspec-expectations (3.10.1)
      diff-lcs (>= 1.2.0, < 2.0)
      rspec-support (~> 3.10.0)
    rspec-mocks (3.10.2)
      diff-lcs (>= 1.2.0, < 2.0)
      rspec-support (~> 3.10.0)
    rspec-support (3.10.2)
    ruby-prof (1.4.3)

PLATFORMS
  ruby

DEPENDENCIES
  mb-sound!
  pry
  pry-byebug
  rspec
  ruby-prof

BUNDLED WITH
   2.1.4
